GIT
  remote: https://github.com/datamapper/dm-core.git
  revision: 9d9f73970580dcacba3e3bdb1564045d1c4e2122
  specs:
    dm-core (1.3.0.beta)
      addressable (~> 2.2.6)
      virtus (~> 0.4.1)

GIT
  remote: https://github.com/datamapper/dm-do-adapter.git
  revision: d295d77f3e4b66cc22c10046598b500d8fa24dec
  specs:
    dm-do-adapter (1.3.0.beta)
      data_objects (~> 0.10.6)
      dm-core (~> 1.3.0.beta)

GIT
  remote: https://github.com/datamapper/dm-migrations.git
  revision: 8bfcec08286a12ceee1bc3e5a01da3b5b7d4a74d
  specs:
    dm-migrations (1.3.0.beta)
      dm-core (~> 1.3.0.beta)

GIT
  remote: https://github.com/datamapper/dm-postgres-adapter.git
  revision: c76fb44804a352540f6e435c38e396650eca2ace
  specs:
    dm-postgres-adapter (1.3.0.beta)
      dm-do-adapter (~> 1.3.0.beta)
      do_postgres (~> 0.10.6)

GIT
  remote: https://github.com/datamapper/dm-serializer.git
  revision: 1a61a91cba84861958e0ddd27bfa19bc5364c7aa
  specs:
    dm-serializer (1.3.0.beta)
      dm-core (~> 1.3.0.beta)
      fastercsv (~> 1.5.4)
      multi_json (~> 1.3.2)

GIT
  remote: https://github.com/datamapper/dm-sqlite-adapter.git
  revision: 641cb9bfd761263385097ca9cef8c070f801b3d1
  specs:
    dm-sqlite-adapter (1.3.0.beta)
      dm-do-adapter (~> 1.3.0.beta)
      do_sqlite3 (~> 0.10.6)

GIT
  remote: https://github.com/datamapper/dm-timestamps.git
  revision: 70b58b365a29a26af62fc580be6c57b97c2770ca
  specs:
    dm-timestamps (1.3.0.beta)
      dm-core (~> 1.3.0.beta)

GIT
  remote: https://github.com/datamapper/dm-types.git
  revision: fdb91e4fcddd38ae142c9e70064231ece68e2d7f
  specs:
    dm-types (1.3.0.beta)
      bcrypt-ruby (~> 3.0.0)
      dm-core (~> 1.3.0.beta)
      fastercsv (~> 1.5.4)
      multi_json (~> 1.3.2)
      stringex (~> 1.3.0)
      uuidtools (~> 2.1.2)

GIT
  remote: https://github.com/datamapper/dm-validations.git
  revision: 6da3c28c79c68125cc37c9994f106350570b88e3
  specs:
    dm-validations (1.3.0.beta)
      dm-core (~> 1.3.0.beta)

GEM
  remote: http://rubygems.org/
  specs:
    addressable (2.2.8)
    aws-s3 (0.6.2)
      builder
      mime-types
      xml-simple
    backports (2.5.3)
    bcrypt-ruby (3.0.1)
    builder (3.0.0)
    data_objects (0.10.8)
      addressable (~> 2.1)
    do_postgres (0.10.8)
      data_objects (= 0.10.8)
    do_sqlite3 (0.10.8)
      data_objects (= 0.10.8)
    eventmachine (0.12.10)
    fastercsv (1.5.5)
    foreman (0.46.0)
      thor (>= 0.13.6)
    heroku (2.25.0)
      launchy (>= 0.3.2)
      netrc (~> 0.7.1)
      rest-client (~> 1.6.1)
      rubyzip
    json (1.7.3)
    kgio (2.7.4)
    launchy (2.1.0)
      addressable (~> 2.2.6)
    mime-types (1.18)
    multi_json (1.3.5)
    netrc (0.7.1)
    rack (1.4.1)
    rack-protection (1.2.0)
      rack
    rack-test (0.6.1)
      rack (>= 1.0)
    raindrops (0.9.0)
    rest-client (1.6.7)
      mime-types (>= 1.16)
    rubyzip (0.9.8)
    sinatra (1.3.0)
      rack (~> 1.3)
      rack-protection (~> 1.1)
      tilt (~> 1.3)
    sinatra-contrib (1.3.1)
      backports (>= 2.0)
      eventmachine
      rack-protection
      rack-test
      sinatra (~> 1.3.0)
      tilt (~> 1.3)
    sinatra-reloader (1.0)
      sinatra-contrib
    stringex (1.3.3)
    thor (0.15.2)
    tilt (1.3.3)
    unicorn (4.3.1)
      kgio (~> 2.6)
      rack
      raindrops (~> 0.7)
    uuidtools (2.1.2)
    virtus (0.4.2)
      backports (~> 2.5.3)
    xml-simple (1.1.1)

PLATFORMS
  ruby

DEPENDENCIES
  aws-s3
  dm-core!
  dm-do-adapter!
  dm-migrations!
  dm-postgres-adapter!
  dm-serializer!
  dm-sqlite-adapter!
  dm-timestamps!
  dm-types!
  dm-validations!
  foreman
  heroku
  json
  sinatra (= 1.3.0)
  sinatra-reloader
  unicorn
